GEM
  remote: https://rubygems.org/
  specs:
    dag (0.0.7)

PLATFORMS
  ruby

DEPENDENCIES
  dag

BUNDLED WITH
   1.10.6
